PATH
  remote: .
  specs:
    js_rake_tasks (0.0.3)
      coffee-script-source (~> 1.3.3)
      execjs (~> 1.3.2)
      git (~> 1.2.5)
      json_pure (~> 1.6.1)
      semver (~> 1.0.1)
      uglifier (~> 1.2.4)

GEM
  remote: http://rubygems.org/
  specs:
    coffee-script-source (1.3.3)
    execjs (1.3.2)
      multi_json (~> 1.0)
    git (1.2.5)
    json_pure (1.6.7)
    multi_json (1.3.5)
    rake (0.9.2.2)
    semver (1.0.1)
    uglifier (1.2.4)
      execjs (>= 0.3.0)
      multi_json (>= 1.0.2)

PLATFORMS
  ruby

DEPENDENCIES
  js_rake_tasks!
  rake (= 0.9.2.2)
