PATH
  remote: .
  specs:
    js_rake_tasks (0.0.1)

GEM
  remote: http://rubygems.org/
  specs:
    rake (0.9.2.2)

PLATFORMS
  ruby

DEPENDENCIES
  js_rake_tasks!
  rake (= 0.9.2.2)
